GEM
  remote: https://rubygems.org/
  specs:
    Ascii85 (1.1.0)
    afm (0.2.2)
    byebug (11.1.3)
    hashery (2.1.2)
    pdf-reader (2.4.2)
      Ascii85 (~> 1.0)
      afm (~> 0.2.1)
      hashery (~> 2.0)
      ruby-rc4
      ttfunk
    ruby-rc4 (0.1.5)
    ttfunk (1.7.0)

PLATFORMS
  x86_64-linux

DEPENDENCIES
  byebug (~> 11.1.3)
  pdf-reader (~> 2.4.2)

BUNDLED WITH
   2.2.15
